PATH
  remote: .
  specs:
    rails_exception_handler (1.4.0)

GEM
  remote: http://rubygems.org/
  specs:
    abstract (1.0.0)
    actionmailer (3.0.12)
      actionpack (= 3.0.12)
      mail (~> 2.2.19)
    actionpack (3.0.12)
      activemodel (= 3.0.12)
      activesupport (= 3.0.12)
      builder (~> 2.1.2)
      erubis (~> 2.6.6)
      i18n (~> 0.5.0)
      rack (~> 1.2.5)
      rack-mount (~> 0.6.14)
      rack-test (~> 0.5.7)
      tzinfo (~> 0.3.23)
    activemodel (3.0.12)
      activesupport (= 3.0.12)
      builder (~> 2.1.2)
      i18n (~> 0.5.0)
    activerecord (3.0.12)
      activemodel (= 3.0.12)
      activesupport (= 3.0.12)
      arel (~> 2.0.10)
      tzinfo (~> 0.3.23)
    activeresource (3.0.12)
      activemodel (= 3.0.12)
      activesupport (= 3.0.12)
    activesupport (3.0.12)
    arel (2.0.10)
    builder (2.1.2)
    coderay (1.0.6)
    diff-lcs (1.1.3)
    erubis (2.6.6)
      abstract (>= 1.0.0)
    git (1.2.5)
    i18n (0.5.0)
    jeweler (1.8.3)
      bundler (~> 1.0)
      git (>= 1.2.5)
      rake
      rdoc
    json (1.7.3)
    mail (2.2.19)
      activesupport (>= 2.3.6)
      i18n (>= 0.4.0)
      mime-types (~> 1.16)
      treetop (~> 1.4.8)
    method_source (0.7.1)
    mime-types (1.18)
    mysql2 (0.2.6)
    polyglot (0.3.3)
    pry (0.9.9.6)
      coderay (~> 1.0.5)
      method_source (~> 0.7.1)
      slop (>= 2.4.4, < 3)
    rack (1.2.5)
    rack-mount (0.6.14)
      rack (>= 1.0.0)
    rack-test (0.5.7)
      rack (>= 1.0)
    rails (3.0.12)
      actionmailer (= 3.0.12)
      actionpack (= 3.0.12)
      activerecord (= 3.0.12)
      activeresource (= 3.0.12)
      activesupport (= 3.0.12)
      bundler (~> 1.0)
      railties (= 3.0.12)
    railties (3.0.12)
      actionpack (= 3.0.12)
      activesupport (= 3.0.12)
      rake (>= 0.8.7)
      rdoc (~> 3.4)
      thor (~> 0.14.4)
    rake (0.9.2.2)
    rdoc (3.12)
      json (~> 1.4)
    rspec (2.10.0)
      rspec-core (~> 2.10.0)
      rspec-expectations (~> 2.10.0)
      rspec-mocks (~> 2.10.0)
    rspec-core (2.10.0)
    rspec-expectations (2.10.0)
      diff-lcs (~> 1.1.3)
    rspec-mocks (2.10.1)
    rspec-rails (2.10.1)
      actionpack (>= 3.0)
      activesupport (>= 3.0)
      railties (>= 3.0)
      rspec (~> 2.10.0)
    slop (2.4.4)
    thor (0.14.6)
    treetop (1.4.10)
      polyglot
      polyglot (>= 0.3.1)
    tzinfo (0.3.33)

PLATFORMS
  ruby

DEPENDENCIES
  jeweler
  mysql2 (= 0.2.6)
  pry
  rack-test (= 0.5.7)
  rails (= 3.0.12)
  rails_exception_handler!
  rspec-rails
